PATH
  remote: .
  specs:
    app_status_notification (0.11.1)
      activesupport (>= 6.0.3.1, < 8)
      anyway_config (>= 2.3.0, < 3)
      gli (>= 2.20, < 2.22)
      i18n (>= 1.8.5, < 1.15.0)
      sentry-ruby (~> 5)
      tiny_appstore_connect

GEM
  remote: https://rubygems.org/
  specs:
    CFPropertyList (3.0.6)
      rexml
    activesupport (7.1.3.4)
      base64
      bigdecimal
      concurrent-ruby (~> 1.0, >= 1.0.2)
      connection_pool (>= 2.2.5)
      drb
      i18n (>= 1.6, < 2)
      minitest (>= 5.1)
      mutex_m
      tzinfo (~> 2.0)
    amazing_print (1.6.0)
    anyway_config (2.6.4)
      ruby-next-core (~> 1.0)
    ast (2.4.2)
    base64 (0.2.0)
    bigdecimal (3.1.8)
    concurrent-ruby (1.3.3)
    connection_pool (2.4.1)
    debug (1.9.2)
      irb (~> 1.10)
      reline (>= 0.3.8)
    diff-lcs (1.5.0)
    drb (2.2.1)
    faraday (2.7.10)
      faraday-net_http (>= 2.0, < 3.1)
      ruby2_keywords (>= 0.0.4)
    faraday-net_http (3.0.2)
    gli (2.21.1)
    i18n (1.14.5)
      concurrent-ruby (~> 1.0)
    io-console (0.7.2)
    irb (1.12.0)
      rdoc
      reline (>= 0.4.2)
    json (2.7.2)
    jwt (2.7.1)
    language_server-protocol (3.17.0.3)
    minitest (5.23.1)
    mutex_m (0.2.0)
    openssl (3.1.0)
    parallel (1.24.0)
    parser (3.3.1.0)
      ast (~> 2.4.1)
      racc
    psych (5.1.2)
      stringio
    racc (1.8.0)
    rainbow (3.1.1)
    rake (13.0.6)
    rdoc (6.6.3.1)
      psych (>= 4.0.0)
    regexp_parser (2.9.2)
    reline (0.5.0)
      io-console (~> 0.5)
    rexml (3.2.8)
      strscan (>= 3.0.9)
    rspec (3.12.0)
      rspec-core (~> 3.12.0)
      rspec-expectations (~> 3.12.0)
      rspec-mocks (~> 3.12.0)
    rspec-core (3.12.0)
      rspec-support (~> 3.12.0)
    rspec-expectations (3.12.0)
      diff-lcs (>= 1.2.0, < 2.0)
      rspec-support (~> 3.12.0)
    rspec-mocks (3.12.0)
      diff-lcs (>= 1.2.0, < 2.0)
      rspec-support (~> 3.12.0)
    rspec-support (3.12.0)
    rubocop (1.64.0)
      json (~> 2.3)
      language_server-protocol (>= 3.17.0)
      parallel (~> 1.10)
      parser (>= 3.3.0.2)
      rainbow (>= 2.2.2, < 4.0)
      regexp_parser (>= 1.8, < 3.0)
      rexml (>= 3.2.5, < 4.0)
      rubocop-ast (>= 1.31.1, < 2.0)
      ruby-progressbar (~> 1.7)
      unicode-display_width (>= 2.4.0, < 3.0)
    rubocop-ast (1.31.3)
      parser (>= 3.3.1.0)
    ruby-next-core (1.0.3)
    ruby-progressbar (1.13.0)
    ruby2_keywords (0.0.5)
    sentry-ruby (5.18.1)
      bigdecimal
      concurrent-ruby (~> 1.0, >= 1.0.2)
    stringio (3.1.0)
    strscan (3.1.0)
    tiny_appstore_connect (0.1.12)
      CFPropertyList (>= 2.3.4, < 3.1.0)
      faraday (>= 1.10.0, < 3.0)
      jwt (>= 1.4, < 3)
      openssl (>= 2.2.1, < 4)
    tzinfo (2.0.6)
      concurrent-ruby (~> 1.0)
    unicode-display_width (2.5.0)

PLATFORMS
  ruby

DEPENDENCIES
  amazing_print
  app_status_notification!
  bundler (~> 2.1)
  debug
  rake (~> 13.0)
  rspec (~> 3.10)
  rubocop (~> 1.64.0)

BUNDLED WITH
   2.3.4
