PATH
  remote: .
  specs:
    app_status_notification (0.11.1)
      activesupport (>= 6.0.3.1, < 7)
      anyway_config (>= 2.3.0, < 3)
      gli (~> 2.20.0)
      i18n (~> 1.8.5)
      sentry-ruby (~> 4.7.2)

PATH
  remote: /Users/icyleaf/Development/ruby/tiny_appstore_connect
  specs:
    tiny_appstore_connect (0.1.3)
      faraday (>= 1.10.0, < 3.0)
      jwt (>= 1.4, <= 2.2.1)

GEM
  remote: https://rubygems.org/
  specs:
    activesupport (6.1.6)
      concurrent-ruby (~> 1.0, >= 1.0.2)
      i18n (>= 1.6, < 2)
      minitest (>= 5.1)
      tzinfo (~> 2.0)
      zeitwerk (~> 2.3)
    anyway_config (2.3.0)
      ruby-next-core (>= 0.14.0)
    ast (2.4.2)
    awesome_print (2.0.0.pre2)
    byebug (11.1.3)
    coderay (1.1.3)
    concurrent-ruby (1.1.10)
    diff-lcs (1.5.0)
    faraday (2.3.0)
      faraday-net_http (~> 2.0)
      ruby2_keywords (>= 0.0.4)
    faraday-net_http (2.0.3)
    gli (2.20.1)
    i18n (1.8.11)
      concurrent-ruby (~> 1.0)
    jwt (2.2.1)
    method_source (1.0.0)
    minitest (5.16.1)
    parallel (1.22.1)
    parser (3.1.2.0)
      ast (~> 2.4.1)
    pry (0.13.1)
      coderay (~> 1.1)
      method_source (~> 1.0)
    pry-byebug (3.9.0)
      byebug (~> 11.0)
      pry (~> 0.13.0)
    rainbow (3.1.1)
    rake (13.0.6)
    regexp_parser (2.5.0)
    rexml (3.2.5)
    rspec (3.11.0)
      rspec-core (~> 3.11.0)
      rspec-expectations (~> 3.11.0)
      rspec-mocks (~> 3.11.0)
    rspec-core (3.11.0)
      rspec-support (~> 3.11.0)
    rspec-expectations (3.11.0)
      diff-lcs (>= 1.2.0, < 2.0)
      rspec-support (~> 3.11.0)
    rspec-mocks (3.11.1)
      diff-lcs (>= 1.2.0, < 2.0)
      rspec-support (~> 3.11.0)
    rspec-support (3.11.0)
    rubocop (1.1.0)
      parallel (~> 1.10)
      parser (>= 2.7.1.5)
      rainbow (>= 2.2.2, < 4.0)
      regexp_parser (>= 1.8)
      rexml
      rubocop-ast (>= 1.0.1)
      ruby-progressbar (~> 1.7)
      unicode-display_width (>= 1.4.0, < 2.0)
    rubocop-ast (1.18.0)
      parser (>= 3.1.1.0)
    ruby-next-core (0.15.1)
    ruby-progressbar (1.11.0)
    ruby2_keywords (0.0.5)
    sentry-ruby (4.7.3)
      concurrent-ruby (~> 1.0, >= 1.0.2)
      faraday (>= 1.0)
      sentry-ruby-core (= 4.7.3)
    sentry-ruby-core (4.7.3)
      concurrent-ruby
      faraday
    tzinfo (2.0.4)
      concurrent-ruby (~> 1.0)
    unicode-display_width (1.8.0)
    zeitwerk (2.6.0)

PLATFORMS
  ruby

DEPENDENCIES
  app_status_notification!
  awesome_print (~> 2.0.0.pre2)
  bundler (~> 2.1)
  pry-byebug (~> 3.9.0)
  rake (~> 13.0)
  rspec (~> 3.10)
  rubocop (~> 1.1.0)
  tiny_appstore_connect!

BUNDLED WITH
   2.3.4
